GEM
  remote: https://rubygems.org/
  specs:
    brotli (0.4.0)
    json (2.6.2)
    nokogiri (1.13.7-arm64-darwin)
      racc (~> 1.4)
    racc (1.6.0)
    sqlite3 (1.4.4)

PLATFORMS
  arm64-darwin-21

DEPENDENCIES
  brotli
  json
  nokogiri
  sqlite3

BUNDLED WITH
   2.3.7
